Brain Vision Data Exchange Header File Version 1.0
; File created by AnyWave's BrainAnalyser Exporter

[Common Infos]
DataFile=seizure1.eeg
MarkerFile=seizure1.vmrk
DataFormat=BINARY
DataType=TIMEDOMAIN
DataOrientation=MULTIPLEXED
NumberOfChannels=154
SamplingInterval=1953.125

[Binary Infos]
BinaryFormat=IEEE_FLOAT_32

[Channel Infos]
Ch1=B'1-B'2,,1,µV
Ch2=B'2-B'3,,1,µV
Ch3=B'3-B'4,,1,µV
Ch4=B'4-B'5,,1,µV
Ch5=B'5-B'6,,1,µV
Ch6=B'6-B'7,,1,µV
Ch7=B'7-B'8,,1,µV
Ch8=B'8-B'9,,1,µV
Ch9=B'9-B'10,,1,µV
Ch10=B'10-B'11,,1,µV
Ch11=B'11-B'12,,1,µV
Ch12=B'12-B'13,,1,µV
Ch13=C'1-C'2,,1,µV
Ch14=C'2-C'3,,1,µV
Ch15=C'3-C'4,,1,µV
Ch16=C'4-C'5,,1,µV
Ch17=C'5-C'6,,1,µV
Ch18=C'6-C'7,,1,µV
Ch19=C'7-C'8,,1,µV
Ch20=C'8-C'9,,1,µV
Ch21=C'9-C'10,,1,µV
Ch22=C'10-C'11,,1,µV
Ch23=C'11-C'12,,1,µV
Ch24=C'12-C'13,,1,µV
Ch25=C'13-C'14,,1,µV
Ch26=C'14-C'15,,1,µV
Ch27=H'6-H'7,,1,µV
Ch28=H'10-H'11,,1,µV
Ch29=H'11-H'12,,1,µV
Ch30=H'12-H'13,,1,µV
Ch31=GPH'1-GPH'2,,1,µV
Ch32=GPH'2-GPH'3,,1,µV
Ch33=GPH'3-GPH'4,,1,µV
Ch34=GPH'4-GPH'5,,1,µV
Ch35=GPH'5-GPH'6,,1,µV
Ch36=GPH'6-GPH'7,,1,µV
Ch37=GPH'7-GPH'8,,1,µV
Ch38=GPH'8-GPH'9,,1,µV
Ch39=GPH'9-GPH'10,,1,µV
Ch40=GPH'10-GPH'11,,1,µV
Ch41=GPH'11-GPH'12,,1,µV
Ch42=GPH'12-GPH'13,,1,µV
Ch43=OT'2-OT'3,,1,µV
Ch44=OT'3-OT'4,,1,µV
Ch45=OT'4-OT'5,,1,µV
Ch46=OT'5-OT'6,,1,µV
Ch47=OT'8-OT'9,,1,µV
Ch48=OT'9-OT'10,,1,µV
Ch49=OT'10-OT'11,,1,µV
Ch50=OT'11-OT'12,,1,µV
Ch51=OT'12-OT'13,,1,µV
Ch52=GL'1-GL'2,,1,µV
Ch53=GL'2-GL'3,,1,µV
Ch54=GL'3-GL'4,,1,µV
Ch55=GL'4-GL'5,,1,µV
Ch56=GL'5-GL'6,,1,µV
Ch57=GL'6-GL'7,,1,µV
Ch58=GL'7-GL'8,,1,µV
Ch59=GL'8-GL'9,,1,µV
Ch60=GL'9-GL'10,,1,µV
Ch61=GL'10-GL'11,,1,µV
Ch62=GL'11-GL'12,,1,µV
Ch63=GL'12-GL'13,,1,µV
Ch64=GL'13-GL'14,,1,µV
Ch65=CU'1-CU'2,,1,µV
Ch66=CU'2-CU'3,,1,µV
Ch67=CU'3-CU'4,,1,µV
Ch68=CU'4-CU'5,,1,µV
Ch69=CU'5-CU'6,,1,µV
Ch70=CU'6-CU'7,,1,µV
Ch71=CU'7-CU'8,,1,µV
Ch72=CU'8-CU'9,,1,µV
Ch73=CU'9-CU'10,,1,µV
Ch74=CU'10-CU'11,,1,µV
Ch75=CU'11-CU'12,,1,µV
Ch76=CU'12-CU'13,,1,µV
Ch77=FCA'1-FCA'2,,1,µV
Ch78=FCA'2-FCA'3,,1,µV
Ch79=FCA'3-FCA'4,,1,µV
Ch80=FCA'4-FCA'5,,1,µV
Ch81=FCA'5-FCA'6,,1,µV
Ch82=FCA'9-FCA'10,,1,µV
Ch83=FCA'10-FCA'11,,1,µV
Ch84=FCA'11-FCA'12,,1,µV
Ch85=FCA'12-FCA'13,,1,µV
Ch86=FCA'13-FCA'14,,1,µV
Ch87=FCA'14-FCA'15,,1,µV
Ch88=FCA'15-FCA'16,,1,µV
Ch89=FCA'16-FCA'17,,1,µV
Ch90=LES'1-LES'2,,1,µV
Ch91=LES'2-LES'3,,1,µV
Ch92=LES'3-LES'4,,1,µV
Ch93=LES'4-LES'5,,1,µV
Ch94=LES'5-LES'6,,1,µV
Ch95=LES'6-LES'7,,1,µV
Ch96=LES'7-LES'8,,1,µV
Ch97=LES'8-LES'9,,1,µV
Ch98=LES'9-LES'10,,1,µV
Ch99=LES'10-LES'11,,1,µV
Ch100=LES'11-LES'12,,1,µV
Ch101=LES'12-LES'13,,1,µV
Ch102=LES'13-LES'14,,1,µV
Ch103=LES'14-LES'15,,1,µV
Ch104=GA'1-GA'2,,1,µV
Ch105=GA'2-GA'3,,1,µV
Ch106=GA'3-GA'4,,1,µV
Ch107=GA'4-GA'5,,1,µV
Ch108=GA'7-GA'8,,1,µV
Ch109=GA'8-GA'9,,1,µV
Ch110=GA'9-GA'10,,1,µV
Ch111=GA'10-GA'11,,1,µV
Ch112=GA'11-GA'12,,1,µV
Ch113=GA'12-GA'13,,1,µV
Ch114=PFG'1-PFG'2,,1,µV
Ch115=PFG'2-PFG'3,,1,µV
Ch116=PFG'3-PFG'4,,1,µV
Ch117=PFG'4-PFG'5,,1,µV
Ch118=PFG'5-PFG'6,,1,µV
Ch119=PFG'6-PFG'7,,1,µV
Ch120=PFG'7-PFG'8,,1,µV
Ch121=PFG'8-PFG'9,,1,µV
Ch122=PFG'9-PFG'10,,1,µV
Ch123=PFG'10-PFG'11,,1,µV
Ch124=PFG'11-PFG'12,,1,µV
Ch125=PFG'12-PFG'13,,1,µV
Ch126=PFG'13-PFG'14,,1,µV
Ch127=PFG'14-PFG'15,,1,µV
Ch128=GC'1-GC'2,,1,µV
Ch129=GC'2-GC'3,,1,µV
Ch130=GC'3-GC'4,,1,µV
Ch131=GC'4-GC'5,,1,µV
Ch132=GC'5-GC'6,,1,µV
Ch133=GC'10-GC'11,,1,µV
Ch134=GC'11-GC'12,,1,µV
Ch135=GC'12-GC'13,,1,µV
Ch136=GC'13-GC'14,,1,µV
Ch137=CU1-CU2,,1,µV
Ch138=CU2-CU3,,1,µV
Ch139=CU5-CU6,,1,µV
Ch140=CU6-CU7,,1,µV
Ch141=CU7-CU8,,1,µV
Ch142=CU8-CU9,,1,µV
Ch143=CU9-CU10,,1,µV
Ch144=CU10-CU11,,1,µV
Ch145=CU11-CU12,,1,µV
Ch146=OT1-OT2,,1,µV
Ch147=OT2-OT3,,1,µV
Ch148=OT3-OT4,,1,µV
Ch149=OT6-OT7,,1,µV
Ch150=OT7-OT8,,1,µV
Ch151=OT8-OT9,,1,µV
Ch152=OT9-OT10,,1,µV
Ch153=OT10-OT11,,1,µV
Ch154=OT11-OT12,,1,µV
